PATH
  remote: .
  specs:
    cfbundle (0.2.1)
      CFPropertyList (>= 2.3.5, < 3.0.0)

GEM
  remote: https://rubygems.org/
  specs:
    CFPropertyList (2.3.5)
    ast (2.3.0)
    diff-lcs (1.3)
    docile (1.1.5)
    json (2.1.0)
    parallel (1.12.0)
    parser (2.4.0.0)
      ast (~> 2.2)
    powerpack (0.1.1)
    rainbow (2.2.2)
      rake
    rake (12.2.1)
    rspec (3.7.0)
      rspec-core (~> 3.7.0)
      rspec-expectations (~> 3.7.0)
      rspec-mocks (~> 3.7.0)
    rspec-core (3.7.0)
      rspec-support (~> 3.7.0)
    rspec-expectations (3.7.0)
      diff-lcs (>= 1.2.0, < 2.0)
      rspec-support (~> 3.7.0)
    rspec-mocks (3.7.0)
      diff-lcs (>= 1.2.0, < 2.0)
      rspec-support (~> 3.7.0)
    rspec-support (3.7.0)
    rubocop (0.51.0)
      parallel (~> 1.10)
      parser (>= 2.3.3.1, < 3.0)
      powerpack (~> 0.1)
      rainbow (>= 2.2.2, < 3.0)
      ruby-progressbar (~> 1.7)
      unicode-display_width (~> 1.0, >= 1.0.1)
    ruby-progressbar (1.9.0)
    rubyzip (1.2.1)
    simplecov (0.15.1)
      docile (~> 1.1.0)
      json (>= 1.8, < 3)
      simplecov-html (~> 0.10.0)
    simplecov-html (0.10.2)
    unicode-display_width (1.3.0)

PLATFORMS
  ruby

DEPENDENCIES
  cfbundle!
  rspec (~> 3.7.0)
  rubocop (~> 0.51.0)
  rubyzip (~> 1.2.1)
  simplecov (~> 0.15.1)

BUNDLED WITH
   1.16.0
